GEM
  remote: https://rubygems.org/
  specs:
    ast (2.2.0)
    coderay (1.1.1)
    method_source (0.8.2)
    parser (2.3.1.2)
      ast (~> 2.2)
    pry (0.10.3)
      coderay (~> 1.1.0)
      method_source (~> 0.8.1)
      slop (~> 3.4)
    slop (3.6.0)

PLATFORMS
  ruby

DEPENDENCIES
  parser
  pry

BUNDLED WITH
   1.13.6
